GEM
  remote: http://rubygems.org/
  specs:
    addressable (2.6.0)
      public_suffix (>= 2.0.2, < 4.0)
    byebug (10.0.2)
    coderay (1.1.2)
    domain_name (0.5.20190701)
      unf (>= 0.0.5, < 1.0.0)
    dotenv (2.2.2)
    excon (0.64.0)
    http-cookie (1.0.3)
      domain_name (~> 0.5)
    httparty (0.15.7)
      multi_xml (>= 0.5.2)
    json (2.3.0)
    mailchimp-api (2.0.6)
      excon (>= 0.16.0)
      json (>= 1.7.7)
    method_source (0.9.2)
    mime-types (3.2.2)
      mime-types-data (~> 3.2015)
    mime-types-data (3.2019.0331)
    mini_portile2 (2.4.0)
    multi_xml (0.6.0)
    netrc (0.11.0)
    nokogiri (1.10.3)
      mini_portile2 (~> 2.4.0)
    opengraph_parser (0.2.3)
      addressable
      nokogiri
    pry (0.12.2)
      coderay (~> 1.1.0)
      method_source (~> 0.9.0)
    pry-byebug (3.6.0)
      byebug (~> 10.0)
      pry (~> 0.10)
    public_suffix (3.1.1)
    rest-client (2.0.2)
      http-cookie (>= 1.0.2, < 2.0)
      mime-types (>= 1.16, < 4.0)
      netrc (~> 0.8)
    slop (4.6.2)
    sorbet (0.4.4429)
      sorbet-static (= 0.4.4429)
    sorbet-runtime (0.4.4429)
    sorbet-static (0.4.4429-universal-darwin-14)
    titleize (1.4.1)
    unf (0.1.4)
      unf_ext
    unf_ext (0.0.7.6)

PLATFORMS
  ruby

DEPENDENCIES
  dotenv (~> 2.2.1)
  httparty (~> 0.15.6)
  json (~> 2.3.0)
  mailchimp-api (~> 2.0.4)
  nokogiri (~> 1.10.3)
  opengraph_parser (~> 0.2.3)
  pry-byebug (~> 3.6.0)
  rest-client (~> 2.0.1)
  slop (~> 4.6.2)
  sorbet
  sorbet-runtime
  titleize (~> 1.4.1)

BUNDLED WITH
   1.17.3
